GEM
  remote: https://rubygems.org/
  specs:
    httparty (0.13.1)
      json (~> 1.8)
      multi_xml (>= 0.5.2)
    json (1.8.1)
    minitest (5.3.2)
    multi_xml (0.5.5)
    rake (10.2.2)

PLATFORMS
  ruby

DEPENDENCIES
  httparty (~> 0.13.1)
  minitest (~> 5.3.2)
  rake (~> 10.2.2)
